PATH
  remote: .
  specs:
    gemmyrb (0.0.5)
      activesupport (~> 4.2, >= 4.2.7)
      awesome_print (~> 1.7.0)
      byebug (~> 9.0.6)
      colored (~> 1.2)
      corefines (~> 1.9.0)
      engtagger (~> 0.2.1)
      minitest (~> 5.10.1)
      odyssey (~> 0.2.0)
      pry (~> 0.10.4)
      sentence_interpreter (~> 0.0.7)
      thor (~> 0.19.4)

GEM
  remote: http://www.rubygems.org/
  specs:
    activesupport (4.2.7.1)
      i18n (~> 0.7)
      json (~> 1.7, >= 1.7.7)
      minitest (~> 5.1)
      thread_safe (~> 0.3, >= 0.3.4)
      tzinfo (~> 1.1)
    awesome_print (1.7.0)
    byebug (9.0.6)
    coderay (1.1.1)
    colored (1.2)
    corefines (1.9.0)
    engtagger (0.2.1)
    i18n (0.7.0)
    json (1.8.3)
    method_source (0.8.2)
    minitest (5.10.1)
    odyssey (0.2.0)
      require_all
    pry (0.10.4)
      coderay (~> 1.1.0)
      method_source (~> 0.8.1)
      slop (~> 3.4)
    require_all (1.3.3)
    sentence_interpreter (0.0.7)
    slop (3.6.0)
    thor (0.19.4)
    thread_safe (0.3.5)
    tzinfo (1.2.2)
      thread_safe (~> 0.1)

PLATFORMS
  ruby

DEPENDENCIES
  gemmyrb!

BUNDLED WITH
   1.13.6
